PATH
  remote: .
  specs:
    sidekiq_unicity (0.1.0)
      redlock (>= 2)
      sidekiq (>= 6)

GEM
  remote: https://rubygems.org/
  specs:
    concurrent-ruby (1.2.3)
    connection_pool (2.4.1)
    diff-lcs (1.5.1)
    rack (3.0.11)
    rake (13.2.1)
    redis-client (0.22.1)
      connection_pool
    redlock (2.0.6)
      redis-client (>= 0.14.1, < 1.0.0)
    rspec (3.13.0)
      rspec-core (~> 3.13.0)
      rspec-expectations (~> 3.13.0)
      rspec-mocks (~> 3.13.0)
    rspec-core (3.13.0)
      rspec-support (~> 3.13.0)
    rspec-expectations (3.13.0)
      diff-lcs (>= 1.2.0, < 2.0)
      rspec-support (~> 3.13.0)
    rspec-mocks (3.13.1)
      diff-lcs (>= 1.2.0, < 2.0)
      rspec-support (~> 3.13.0)
    rspec-support (3.13.1)
    sidekiq (7.2.4)
      concurrent-ruby (< 2)
      connection_pool (>= 2.3.0)
      rack (>= 2.2.4)
      redis-client (>= 0.19.0)

PLATFORMS
  ruby

DEPENDENCIES
  bundler (>= 2.0)
  rake
  rspec (~> 3.0)
  sidekiq_unicity!

BUNDLED WITH
   2.5.3
